GEM
  remote: https://rubygems.org/
  specs:
    cpf_cnpj (0.5.0)

PLATFORMS
  x86_64-darwin-19

DEPENDENCIES
  cpf_cnpj

BUNDLED WITH
   2.3.7
