GEM
  remote: https://rubygems.org/
  specs:
    nokogiri (1.14.3-x86_64-darwin)
      racc (~> 1.4)
    racc (1.6.2)

PLATFORMS
  x86_64-darwin-19

DEPENDENCIES
  nokogiri

BUNDLED WITH
   2.4.12
